PATH
  remote: .
  specs:
    search_magic (1.0.0)
      chronic (~> 0.9.1)
      mongoid (~> 3.1.0)

GEM
  remote: https://rubygems.org/
  specs:
    activemodel (3.2.13)
      activesupport (= 3.2.13)
      builder (~> 3.0.0)
    activesupport (3.2.13)
      i18n (= 0.6.1)
      multi_json (~> 1.0)
    builder (3.0.4)
    chronic (0.9.1)
    database_cleaner (1.0.1)
    diff-lcs (1.2.4)
    fabrication (2.7.1)
    i18n (0.6.1)
    kramdown (1.0.2)
    mongoid (3.1.4)
      activemodel (~> 3.2)
      moped (~> 1.4)
      origin (~> 1.0)
      tzinfo (~> 0.3.22)
    moped (1.5.0)
    multi_json (1.7.4)
    origin (1.1.0)
    rake (0.9.6)
    rspec (2.13.0)
      rspec-core (~> 2.13.0)
      rspec-expectations (~> 2.13.0)
      rspec-mocks (~> 2.13.0)
    rspec-core (2.13.1)
    rspec-expectations (2.13.0)
      diff-lcs (>= 1.1.3, < 2.0)
    rspec-mocks (2.13.1)
    rubygems-tasks (0.2.4)
    tzinfo (0.3.37)
    yard (0.8.6.1)

PLATFORMS
  ruby

DEPENDENCIES
  bundler (~> 1.0)
  database_cleaner (~> 1.0.1)
  fabrication (~> 2.7.1)
  kramdown
  rake (~> 0.8)
  rspec (~> 2.4)
  rubygems-tasks (~> 0.2)
  search_magic!
  yard (~> 0.8)
